GEM
  remote: https://rubygems.org/
  specs:
    pairing_heap (1.0.0)
    rexml (3.2.5)
    rgl (0.5.9)
      pairing_heap (>= 0.3.0)
      rexml (~> 3.2, >= 3.2.4)
      stream (~> 0.5.3)
    stream (0.5.5)

PLATFORMS
  x86_64-darwin-21

DEPENDENCIES
  rgl

BUNDLED WITH
   2.2.32
